PATH
  remote: .
  specs:
    erb_safety (0.0.1)

GEM
  remote: https://rubygems.org/
  specs:

PLATFORMS
  ruby

DEPENDENCIES
  erb_safety!
